PATH
  remote: .
  specs:
    flu (0.1.2)
      activesupport (>= 4.2.0)
      bunny (>= 2.5.0)
      rabbitmq_http_api_client (>= 1.6.0)

GEM
  remote: https://rubygems.org/
  specs:
    activemodel (5.0.1)
      activesupport (= 5.0.1)
    activerecord (5.0.1)
      activemodel (= 5.0.1)
      activesupport (= 5.0.1)
      arel (~> 7.0)
    activesupport (5.0.1)
      concurrent-ruby (~> 1.0, >= 1.0.2)
      i18n (~> 0.7)
      minitest (~> 5.1)
      tzinfo (~> 1.1)
    amq-protocol (2.1.0)
    arel (7.1.4)
    bunny (2.6.3)
      amq-protocol (>= 2.0.1)
    concurrent-ruby (1.0.4)
    effin_utf8 (1.0)
    faraday (0.9.2)
      multipart-post (>= 1.2, < 3)
    faraday_middleware (0.9.2)
      faraday (>= 0.7.4, < 0.10)
    hashie (3.5.1)
    i18n (0.8.0)
    minitest (5.10.1)
    multi_json (1.12.1)
    multipart-post (2.0.0)
    rabbitmq_http_api_client (1.8.0)
      effin_utf8 (~> 1.0.0)
      faraday (~> 0.9.0)
      faraday_middleware (~> 0.9.0)
      hashie (~> 3.2)
      multi_json (~> 1.9)
    sqlite3 (1.3.13)
    thread_safe (0.3.5)
    tzinfo (1.2.2)
      thread_safe (~> 0.1)

PLATFORMS
  ruby

DEPENDENCIES
  activerecord (= 5.0.1)
  bundler (= 1.12.5)
  flu!
  sqlite3 (= 1.3.13)

BUNDLED WITH
   1.12.5
