PATH
  remote: .
  specs:
    flu (0.1.1)
      bunny (= 2.2.2)
      activesupport (>= 4.2.0)
      rabbitmq_http_api_client (>= 1.6.0)

GEM
  remote: https://rubygems.org/
  specs:
    amq-protocol (2.0.1)
    bunny (2.2.2)
      amq-protocol (>= 2.0.1)
    rabbitmq_http_api_client (>= 1.6.0)

PLATFORMS
  ruby

DEPENDENCIES
  bundler (~> 1.10)
  flu!

BUNDLED WITH
   1.12.5
